GEM
  remote: https://rubygems.org/
  specs:
    diff-lcs (1.2.5)
    json (1.8.3)
    mini_portile2 (2.1.0)
    mock_redis (0.17.0)
    nokogiri (1.6.8)
      mini_portile2 (~> 2.1.0)
      pkg-config (~> 1.1.7)
    pkg-config (1.1.7)
    redis (3.3.1)
    rspec (3.5.0)
      rspec-core (~> 3.5.0)
      rspec-expectations (~> 3.5.0)
      rspec-mocks (~> 3.5.0)
    rspec-core (3.5.2)
      rspec-support (~> 3.5.0)
    rspec-expectations (3.5.0)
      diff-lcs (>= 1.2.0, < 2.0)
      rspec-support (~> 3.5.0)
    rspec-mocks (3.5.0)
      diff-lcs (>= 1.2.0, < 2.0)
      rspec-support (~> 3.5.0)
    rspec-support (3.5.0)
    rubyzip (1.2.0)
    xml-to-hash (1.0.3)
      nokogiri (~> 1, >= 1.6)
    xml-to-json (1.0.2)
      json (~> 1)
      xml-to-hash (>= 1)

PLATFORMS
  ruby

DEPENDENCIES
  mock_redis
  redis (~> 3.2)
  rspec
  rubyzip
  xml-to-json

BUNDLED WITH
   1.12.5
