GEM
  remote: https://rubygems.org/
  specs:
    json (1.8.3)
    mini_portile2 (2.1.0)
    nokogiri (1.6.8)
      mini_portile2 (~> 2.1.0)
      pkg-config (~> 1.1.7)
    pkg-config (1.1.7)
    redis (3.3.1)
    rubyzip (1.2.0)
    xml-to-hash (1.0.3)
      nokogiri (~> 1, >= 1.6)
    xml-to-json (1.0.2)
      json (~> 1)
      xml-to-hash (>= 1)

PLATFORMS
  ruby

DEPENDENCIES
  redis (~> 3.2)
  rubyzip
  xml-to-json

BUNDLED WITH
   1.12.5
